GIT
  remote: https://github.com/newsdict/annotate_gem.git
  revision: 07fd3113cd79658acdc35e8f5047a741cdb1efc1
  branch: bundler_bump
  specs:
    annotate_gem (0.0.13)
      bundler (>= 1.1)

GIT
  remote: https://github.com/newsdict/bundle-locker
  revision: 30a4a68815164a9738cb4d7fb0f8fa378a50563d
  branch: feature/ignore_require_and_path
  specs:
    bundle-locker (0.0.7)

GEM
  remote: https://rubygems.org/
  specs:
    actioncable (5.2.2)
      actionpack (= 5.2.2)
      nio4r (~> 2.0)
      websocket-driver (>= 0.6.1)
    actionmailer (5.2.2)
      actionpack (= 5.2.2)
      actionview (= 5.2.2)
      activejob (= 5.2.2)
      mail (~> 2.5, >= 2.5.4)
      rails-dom-testing (~> 2.0)
    actionpack (5.2.2)
      actionview (= 5.2.2)
      activesupport (= 5.2.2)
      rack (~> 2.0)
      rack-test (>= 0.6.3)
      rails-dom-testing (~> 2.0)
      rails-html-sanitizer (~> 1.0, >= 1.0.2)
    actionview (5.2.2)
      activesupport (= 5.2.2)
      builder (~> 3.1)
      erubi (~> 1.4)
      rails-dom-testing (~> 2.0)
      rails-html-sanitizer (~> 1.0, >= 1.0.3)
    activejob (5.2.2)
      activesupport (= 5.2.2)
      globalid (>= 0.3.6)
    activemodel (5.2.2)
      activesupport (= 5.2.2)
    activerecord (5.2.2)
      activemodel (= 5.2.2)
      activesupport (= 5.2.2)
      arel (>= 9.0)
    activestorage (5.2.2)
      actionpack (= 5.2.2)
      activerecord (= 5.2.2)
      marcel (~> 0.3.1)
    activesupport (5.2.2)
      concurrent-ruby (~> 1.0, >= 1.0.2)
      i18n (>= 0.7, < 2)
      minitest (~> 5.1)
      tzinfo (~> 1.1)
    addressable (2.6.0)
      public_suffix (>= 2.0.2, < 4.0)
    archive-zip (0.12.0)
      io-like (~> 0.3.0)
    arel (9.0.0)
    bcrypt (3.1.12)
    bcrypt (3.1.12-x64-mingw32)
    bcrypt (3.1.12-x86-mingw32)
    bindex (0.7.0)
    bootsnap (1.4.4)
      msgpack (~> 1.0)
    bson (4.4.2)
    buftok (0.2.0)
    builder (3.2.3)
    byebug (11.0.0)
    cancancan (2.3.0)
    cancancan-mongoid (2.0.0.beta1)
      cancancan (~> 2.0)
    capybara (3.14.0)
      addressable
      mini_mime (>= 0.1.3)
      nokogiri (~> 1.8)
      rack (>= 1.6.0)
      rack-test (>= 0.6.3)
      regexp_parser (~> 1.2)
      xpath (~> 3.2)
    childprocess (0.9.0)
      ffi (~> 1.0, >= 1.0.11)
    chromedriver-helper (2.1.0)
      archive-zip (~> 0.10)
      nokogiri (~> 1.8)
    coderay (1.1.2)
    coffee-rails (4.2.2)
      coffee-script (>= 2.2.0)
      railties (>= 4.0.0)
    coffee-script (2.4.1)
      coffee-script-source
      execjs
    coffee-script-source (1.12.2)
    concurrent-ruby (1.1.5)
    connection_pool (2.2.2)
    crack (0.4.3)
      safe_yaml (~> 1.0.0)
    crass (1.0.4)
    database_cleaner (1.7.0)
    devise (4.6.2)
      bcrypt (~> 3.0)
      orm_adapter (~> 0.1)
      railties (>= 4.1.0, < 6.0)
      responders
      warden (~> 1.2.3)
    domain_name (0.5.20180417)
      unf (>= 0.0.5, < 1.0.0)
    dotenv (2.7.2)
    dotenv-rails (2.7.2)
      dotenv (= 2.7.2)
      railties (>= 3.2, < 6.1)
    easy_diff (1.0.0)
    equalizer (0.0.11)
    erubi (1.8.0)
    execjs (2.7.0)
    factory_bot (5.0.2)
      activesupport (>= 4.2.0)
    factory_bot_rails (5.0.2)
      factory_bot (~> 5.0.2)
      railties (>= 4.2.0)
    faker (1.9.3)
      i18n (>= 0.7)
    fast-stemmer (1.0.2)
    ffi (1.10.0)
    ffi (1.10.0-x64-mingw32)
    ffi (1.10.0-x86-mingw32)
    final_redirect_url (0.1.0)
    font-awesome-rails (4.7.0.5)
      railties (>= 3.2, < 6.1)
    glebtv_mongoid_userstamp (0.9.0)
      mongoid (>= 6.0.0, < 8.0)
      request_store
    globalid (0.4.2)
      activesupport (>= 4.2.0)
    guess_html_encoding (0.0.11)
    haml (5.0.4)
      temple (>= 0.8.0)
      tilt
    hashdiff (0.3.9)
    http (3.3.0)
      addressable (~> 2.3)
      http-cookie (~> 1.0)
      http-form_data (~> 2.0)
      http_parser.rb (~> 0.6.0)
    http-cookie (1.0.3)
      domain_name (~> 0.5)
    http-form_data (2.1.1)
    http_parser.rb (0.6.0)
    i18n (1.6.0)
      concurrent-ruby (~> 1.0)
    io-like (0.3.0)
    jbuilder (2.8.0)
      activesupport (>= 4.2.0)
      multi_json (>= 1.2)
    jquery-rails (4.3.3)
      rails-dom-testing (>= 1, < 3)
      railties (>= 4.2.0)
      thor (>= 0.14, < 2.0)
    jquery-ui-rails (6.0.1)
      railties (>= 3.2.16)
    kaminari (1.1.1)
      activesupport (>= 4.1.0)
      kaminari-actionview (= 1.1.1)
      kaminari-activerecord (= 1.1.1)
      kaminari-core (= 1.1.1)
    kaminari-actionview (1.1.1)
      actionview
      kaminari-core (= 1.1.1)
    kaminari-activerecord (1.1.1)
      activerecord
      kaminari-core (= 1.1.1)
    kaminari-core (1.1.1)
    kaminari-mongoid (1.0.1)
      kaminari-core (~> 1.0)
      mongoid
    listen (3.1.5)
      rb-fsevent (~> 0.9, >= 0.9.4)
      rb-inotify (~> 0.9, >= 0.9.7)
      ruby_dep (~> 1.2)
    loofah (2.2.3)
      crass (~> 1.0.2)
      nokogiri (>= 1.5.9)
    mail (2.7.1)
      mini_mime (>= 0.1.1)
    marcel (0.3.3)
      mimemagic (~> 0.3.2)
    mechanize (2.7.6)
      domain_name (~> 0.5, >= 0.5.1)
      http-cookie (~> 1.0)
      mime-types (>= 1.17.2)
      net-http-digest_auth (~> 1.1, >= 1.1.1)
      net-http-persistent (>= 2.5.2)
      nokogiri (~> 1.6)
      ntlm-http (~> 0.1, >= 0.1.1)
      webrobots (>= 0.0.9, < 0.2)
    memoizable (0.4.2)
      thread_safe (~> 0.3, >= 0.3.1)
    method_source (0.9.2)
    mime-types (3.2.2)
      mime-types-data (~> 3.2015)
    mime-types-data (3.2019.0331)
    mimemagic (0.3.3)
    mini_mime (1.0.1)
    mini_portile2 (2.4.0)
    minitest (5.11.3)
    mongo (2.8.0)
      bson (>= 4.4.2, < 5.0.0)
    mongoid (7.0.2)
      activemodel (>= 5.1, < 6.0.0)
      mongo (>= 2.5.1, < 3.0.0)
    mongoid-audit (1.4.0)
      activesupport
      glebtv_mongoid_userstamp
      kaminari-mongoid
      mongoid (>= 6.0.0, < 8.0)
      mongoid-history (~> 0.8.0)
    mongoid-compatibility (0.5.1)
      activesupport
      mongoid (>= 2.0)
    mongoid-grid_fs (2.4.0)
      mime-types (>= 1.0, < 4.0)
      mongoid (>= 3.0, < 8.0)
    mongoid-history (0.8.1)
      activesupport
      easy_diff
      mongoid (>= 3.0)
      mongoid-compatibility (>= 0.5.1)
    mongoid_search (0.3.6)
      fast-stemmer (~> 1.0.0)
      mongoid (>= 3.0.0)
    msgpack (1.2.10)
    msgpack (1.2.10-x64-mingw32)
    msgpack (1.2.10-x86-mingw32)
    multi_json (1.13.1)
    multipart-post (2.0.0)
    natto (1.1.2)
      ffi (>= 1.9.0)
    naught (1.1.0)
    nested_form (0.3.2)
    net-http-digest_auth (1.4.1)
    net-http-persistent (3.0.0)
      connection_pool (~> 2.2)
    nio4r (2.3.1)
    nokogiri (1.10.3)
      mini_portile2 (~> 2.4.0)
    nokogiri (1.10.3-x64-mingw32)
      mini_portile2 (~> 2.4.0)
    nokogiri (1.10.3-x86-mingw32)
      mini_portile2 (~> 2.4.0)
    nokogumbo (2.0.1)
      nokogiri (~> 1.8, >= 1.8.4)
    ntlm-http (0.1.1)
    orm_adapter (0.5.0)
    pry (0.12.2)
      coderay (~> 1.1.0)
      method_source (~> 0.9.0)
    pry-byebug (3.7.0)
      byebug (~> 11.0)
      pry (~> 0.10)
    public_suffix (3.0.3)
    puma (3.12.0)
    rack (2.0.7)
    rack-pjax (1.1.0)
      nokogiri (~> 1.5)
      rack (>= 1.1)
    rack-protection (2.0.5)
      rack
    rack-proxy (0.6.5)
      rack
    rack-test (1.1.0)
      rack (>= 1.0, < 3)
    rails (5.2.2)
      actioncable (= 5.2.2)
      actionmailer (= 5.2.2)
      actionpack (= 5.2.2)
      actionview (= 5.2.2)
      activejob (= 5.2.2)
      activemodel (= 5.2.2)
      activerecord (= 5.2.2)
      activestorage (= 5.2.2)
      activesupport (= 5.2.2)
      bundler (>= 1.3.0)
      railties (= 5.2.2)
      sprockets-rails (>= 2.0.0)
    rails-dom-testing (2.0.3)
      activesupport (>= 4.2.0)
      nokogiri (>= 1.6)
    rails-html-sanitizer (1.0.4)
      loofah (~> 2.2, >= 2.2.2)
    rails_admin (1.4.2)
      builder (~> 3.1)
      coffee-rails (~> 4.0)
      font-awesome-rails (>= 3.0, < 5)
      haml (>= 4.0, < 6)
      jquery-rails (>= 3.0, < 5)
      jquery-ui-rails (>= 5.0, < 7)
      kaminari (>= 0.14, < 2.0)
      nested_form (~> 0.3)
      rack-pjax (>= 0.7)
      rails (>= 4.0, < 6)
      remotipart (~> 1.3)
      sass-rails (>= 4.0, < 6)
    railties (5.2.2)
      actionpack (= 5.2.2)
      activesupport (= 5.2.2)
      method_source
      rake (>= 0.8.7)
      thor (>= 0.19.0, < 2.0)
    rake (12.3.2)
    rb-fsevent (0.10.3)
    rb-inotify (0.10.0)
      ffi (~> 1.0)
    redis (4.1.0)
    redis-namespace (1.6.0)
      redis (>= 3.0.4)
    regexp_parser (1.4.0)
    remotipart (1.4.2)
    request_store (1.4.1)
      rack (>= 1.4)
    responders (2.4.1)
      actionpack (>= 4.2.0, < 6.0)
      railties (>= 4.2.0, < 6.0)
    ruby-readability (0.7.0)
      guess_html_encoding (>= 0.0.4)
      nokogiri (>= 1.6.0)
    ruby_dep (1.5.0)
    rubyzip (1.2.2)
    safe_yaml (1.0.5)
    sanitize (5.0.0)
      crass (~> 1.0.2)
      nokogiri (>= 1.8.0)
      nokogumbo (~> 2.0)
    sass (3.7.4)
      sass-listen (~> 4.0.0)
    sass-listen (4.0.0)
      rb-fsevent (~> 0.9, >= 0.9.4)
      rb-inotify (~> 0.9, >= 0.9.7)
    sass-rails (5.0.7)
      railties (>= 4.0.0, < 6)
      sass (~> 3.1)
      sprockets (>= 2.8, < 4.0)
      sprockets-rails (>= 2.0, < 4.0)
      tilt (>= 1.1, < 3)
    selenium-webdriver (3.141.0)
      childprocess (~> 0.5)
      rubyzip (~> 1.2, >= 1.2.2)
    sidekiq (5.2.5)
      connection_pool (~> 2.2, >= 2.2.2)
      rack (>= 1.5.0)
      rack-protection (>= 1.5.0)
      redis (>= 3.3.5, < 5)
    simple_oauth (0.3.1)
    spring (2.0.2)
      activesupport (>= 4.2)
    spring-watcher-listen (2.0.1)
      listen (>= 2.7, < 4.0)
      spring (>= 1.2, < 3.0)
    sprockets (3.7.2)
      concurrent-ruby (~> 1.0)
      rack (> 1, < 3)
    sprockets-rails (3.2.1)
      actionpack (>= 4.0)
      activesupport (>= 4.0)
      sprockets (>= 3.0.0)
    temple (0.8.1)
    thor (0.20.3)
    thread_safe (0.3.6)
    tilt (2.0.9)
    turbolinks (5.2.0)
      turbolinks-source (~> 5.2)
    turbolinks-source (5.2.0)
    twitter (6.2.0)
      addressable (~> 2.3)
      buftok (~> 0.2.0)
      equalizer (~> 0.0.11)
      http (~> 3.0)
      http-form_data (~> 2.0)
      http_parser.rb (~> 0.6.0)
      memoizable (~> 0.4.0)
      multipart-post (~> 2.0)
      naught (~> 1.0)
      simple_oauth (~> 0.3.0)
    tzinfo (1.2.5)
      thread_safe (~> 0.1)
    tzinfo-data (1.2018.9)
      tzinfo (>= 1.0.0)
    uglifier (4.1.20)
      execjs (>= 0.3.0, < 3)
    unf (0.1.4)
      unf_ext
    unf_ext (0.0.7.6)
    warden (1.2.8)
      rack (>= 2.0.6)
    web-console (3.7.0)
      actionview (>= 5.0)
      activemodel (>= 5.0)
      bindex (>= 0.4.0)
      railties (>= 5.0)
    web_stat (0.1.4)
      bundler (~> 2.0)
      final_redirect_url (~> 0.1.0)
      mechanize (~> 2.7)
      natto (~> 1.1.2)
      nokogiri (~> 1.10)
      ruby-readability (~> 0.7)
      sanitize (~> 5.0.0)
    webmock (3.5.1)
      addressable (>= 2.3.6)
      crack (>= 0.3.2)
      hashdiff
    webpacker (4.0.1)
      activesupport (>= 4.2)
      rack-proxy (>= 0.6.1)
      railties (>= 4.2)
    webrobots (0.1.2)
    websocket-driver (0.7.0)
      websocket-extensions (>= 0.1.0)
    websocket-extensions (0.1.3)
    xpath (3.2.0)
      nokogiri (~> 1.8)

PLATFORMS
  ruby
  x64-mingw32
  x86-mingw32

DEPENDENCIES
  annotate_gem!
  bootsnap (>= 1.1.0)
  bundle-locker!
  byebug (= 11.0.0)
  cancancan (= 2.3.0)
  cancancan-mongoid (= 2.0.0.beta1)
  capybara (= 3.14.0)
  chromedriver-helper (= 2.1.0)
  coffee-rails (= 4.2.2)
  database_cleaner (= 1.7.0)
  devise (= 4.6.2)
  dotenv-rails (= 2.7.2)
  factory_bot_rails (= 5.0.2)
  faker (= 1.9.3)
  jbuilder (= 2.8.0)
  kaminari-mongoid (= 1.0.1)
  listen (= 3.1.5)
  mongoid (= 7.0.2)
  mongoid-audit (= 1.4.0)
  mongoid-grid_fs (= 2.4.0)
  mongoid_search (= 0.3.6)
  pry-byebug (= 3.7.0)
  puma (= 3.12.0)
  rails (= 5.2.2)
  rails_admin (= 1.4.2)
  redis-namespace (= 1.6.0)
  sass-rails (= 5.0.7)
  selenium-webdriver (= 3.141.0)
  sidekiq (= 5.2.5)
  spring (= 2.0.2)
  spring-watcher-listen (= 2.0.1)
  turbolinks (= 5.2.0)
  twitter (= 6.2.0)
  tzinfo-data (= 1.2018.9)
  uglifier (= 4.1.20)
  web-console (= 3.7.0)
  web_stat (= 0.1.4)
  webmock (= 3.5.1)
  webpacker (= 4.0.1)

RUBY VERSION
   ruby 2.6.2p47

BUNDLED WITH
   2.0.1
